GEM
  remote: https://rubygems.org/
  specs:
    json (1.7.5)
    multi_json (1.3.6)

PLATFORMS
  ruby

DEPENDENCIES
  json
  multi_json
